PATH
  remote: .
  specs:
    crags (2.2.2)
      curb (~> 0.7.10)
      nokogiri (~> 1.4.4)

GEM
  remote: http://rubygems.org/
  specs:
    curb (0.7.15)
    diff-lcs (1.1.3)
    nokogiri (1.4.7)
    rake (0.9.2)
    rdoc (3.9.4)
    rspec (2.6.0)
      rspec-core (~> 2.6.0)
      rspec-expectations (~> 2.6.0)
      rspec-mocks (~> 2.6.0)
    rspec-core (2.6.4)
    rspec-expectations (2.6.0)
      diff-lcs (~> 1.1.2)
    rspec-mocks (2.6.0)

PLATFORMS
  ruby

DEPENDENCIES
  crags!
  rake (~> 0.9.2)
  rdoc
  rspec (~> 2.4)
