PATH
  remote: .
  specs:
    crags (2.2.2)
      nokogiri (>= 1.4.4, < 1.12.0)
      patron

GEM
  remote: http://rubygems.org/
  specs:
    diff-lcs (1.1.3)
    mini_portile2 (2.5.1)
    nokogiri (1.11.4)
      mini_portile2 (~> 2.5.0)
      racc (~> 1.4)
    patron (0.13.3)
    racc (1.5.2)
    rake (0.9.2)
    rdoc (3.9.4)
    rspec (2.6.0)
      rspec-core (~> 2.6.0)
      rspec-expectations (~> 2.6.0)
      rspec-mocks (~> 2.6.0)
    rspec-core (2.6.4)
    rspec-expectations (2.6.0)
      diff-lcs (~> 1.1.2)
    rspec-mocks (2.6.0)

PLATFORMS
  ruby

DEPENDENCIES
  crags!
  rake (~> 0.9.2)
  rdoc
  rspec (~> 2.4)
